PATH
  remote: .
  specs:
    procon_bypass_man-web (0.1.0)

GEM
  remote: https://rubygems.org/
  specs:
    mustermann (1.1.1)
      ruby2_keywords (~> 0.0.1)
    rack (2.2.3)
    rack-protection (2.1.0)
      rack
    rake (13.0.3)
    ruby2_keywords (0.0.4)
    sinatra (2.1.0)
      mustermann (~> 1.0)
      rack (~> 2.2)
      rack-protection (= 2.1.0)
      tilt (~> 2.0)
    tilt (2.0.10)
    webrick (1.7.0)

PLATFORMS
  arm64-darwin-20

DEPENDENCIES
  procon_bypass_man-web!
  rake (~> 13.0)
  sinatra
  webrick

BUNDLED WITH
   2.2.16
