GIT
  remote: https://github.com/splaspla-hacker/procon_bypass_man.git
  revision: d322f1e7413540e889612e246e9f04f05e471465
  branch: edge
  specs:
    procon_bypass_man (0.1.4)

PATH
  remote: .
  specs:
    procon_bypass_man-web (0.1.0)
      sinatra
      sqlite3
      webrick

GEM
  remote: https://rubygems.org/
  specs:
    ast (2.4.2)
    coderay (1.1.3)
    diff-lcs (1.4.4)
    foreman (0.87.2)
    method_source (1.0.0)
    multi_json (1.15.0)
    mustermann (1.1.1)
      ruby2_keywords (~> 0.0.1)
    parallel (1.20.1)
    parser (3.0.2.0)
      ast (~> 2.4.1)
    pry (0.14.1)
      coderay (~> 1.1)
      method_source (~> 1.0)
    rack (2.2.3)
    rack-protection (2.1.0)
      rack
    rack-test (1.1.0)
      rack (>= 1.0, < 3)
    rainbow (3.0.0)
    rake (13.0.3)
    regexp_parser (2.1.1)
    rexml (3.2.5)
    rspec (3.10.0)
      rspec-core (~> 3.10.0)
      rspec-expectations (~> 3.10.0)
      rspec-mocks (~> 3.10.0)
    rspec-core (3.10.1)
      rspec-support (~> 3.10.0)
    rspec-expectations (3.10.1)
      diff-lcs (>= 1.2.0, < 2.0)
      rspec-support (~> 3.10.0)
    rspec-mocks (3.10.2)
      diff-lcs (>= 1.2.0, < 2.0)
      rspec-support (~> 3.10.0)
    rspec-support (3.10.2)
    rubocop (1.18.4)
      parallel (~> 1.10)
      parser (>= 3.0.0.0)
      rainbow (>= 2.2.2, < 4.0)
      regexp_parser (>= 1.8, < 3.0)
      rexml
      rubocop-ast (>= 1.8.0, < 2.0)
      ruby-progressbar (~> 1.7)
      unicode-display_width (>= 1.4.0, < 3.0)
    rubocop-ast (1.8.0)
      parser (>= 3.0.1.1)
    ruby-progressbar (1.11.0)
    ruby2_keywords (0.0.4)
    sinatra (2.1.0)
      mustermann (~> 1.0)
      rack (~> 2.2)
      rack-protection (= 2.1.0)
      tilt (~> 2.0)
    sinatra-contrib (2.1.0)
      multi_json
      mustermann (~> 1.0)
      rack-protection (= 2.1.0)
      sinatra (= 2.1.0)
      tilt (~> 2.0)
    sinatra-reloader (1.0)
      sinatra-contrib
    sqlite3 (1.4.2)
    tilt (2.0.10)
    unicode-display_width (2.0.0)
    webrick (1.7.0)

PLATFORMS
  arm64-darwin-20

DEPENDENCIES
  foreman
  procon_bypass_man!
  procon_bypass_man-web!
  pry
  rack
  rack-test
  rake (~> 13.0)
  rspec
  rubocop
  sinatra
  sinatra-reloader
  sqlite3
  webrick

BUNDLED WITH
   2.2.16
