PATH
  remote: .
  specs:
    procon_bypass_man-web (0.1.0)

GEM
  remote: https://rubygems.org/
  specs:
    rake (13.0.3)

PLATFORMS
  arm64-darwin-20

DEPENDENCIES
  procon_bypass_man-web!
  rake (~> 13.0)

BUNDLED WITH
   2.2.16
